GEM
  remote: http://rubygems.org/
  specs:
    rainbow (2.0.0)
    sass (3.4.11)
    scss-lint (0.33.0)
      rainbow (~> 2.0)
      sass (~> 3.4.1)
    susy (2.1.3)
      sass (>= 3.3.0, < 3.5)

PLATFORMS
  ruby

DEPENDENCIES
  sass (~> 3.4.9)
  scss-lint (~> 0.33.0)
  susy (~> 2.1.3)
