GEM
  remote: http://rubygems.org/
  specs:
    rainbow (2.0.0)
    sass (3.3.12)
    sass-css-importer (1.0.0.beta.0)
      sass (>= 3.1)
    scss-lint (0.27.0)
      rainbow (~> 2.0)
      sass (~> 3.3.0, >= 3.3.7)
    susy (2.1.3)
      sass (>= 3.3.0, < 3.5)

PLATFORMS
  ruby

DEPENDENCIES
  sass (~> 3.3.10)
  sass-css-importer (~> 1.0.0.beta.0)
  scss-lint (~> 0.27.0)
  susy (~> 2.1.3)
