GEM
  remote: http://rubygems.org/
  specs:
    rainbow (2.0.0)
    sass (3.4.6)
    sass-css-importer (1.0.0.beta.0)
      sass (>= 3.1)
    scss-lint (0.29.0)
      rainbow (~> 2.0)
      sass (~> 3.4.0)
    susy (2.1.3)
      sass (>= 3.3.0, < 3.5)

PLATFORMS
  ruby

DEPENDENCIES
  sass (~> 3.4.5)
  sass-css-importer (~> 1.0.0.beta.0)
  scss-lint (~> 0.29.0)
  susy (~> 2.1.3)
